GEM
  remote: https://rubygems.org/
  specs:
    atmos (0.0.0)
    dotenv (2.7.0)
    httparty (0.21.0)
      mini_mime (>= 1.0.0)
      multi_xml (>= 0.5.2)
    mini_mime (1.1.2)
    multi_xml (0.6.0)

PLATFORMS
  ruby

DEPENDENCIES
  atmos
  dotenv
  httparty

BUNDLED WITH
   2.0.1
